PATH
  remote: .
  specs:
    melissa (0.0.8)
      activesupport
      ffi
      minitest
      thread_safe

GEM
  remote: https://rubygems.org/
  specs:
    activesupport (4.2.1)
      i18n (~> 0.7)
      json (~> 1.7, >= 1.7.7)
      minitest (~> 5.1)
      thread_safe (~> 0.3, >= 0.3.4)
      tzinfo (~> 1.1)
    ansi (1.5.0)
    builder (3.2.2)
    ffi (1.9.8)
    ffi (1.9.8-java)
    i18n (0.7.0)
    json (1.8.2)
    json (1.8.2-java)
    minitest (5.4.0)
    minitest-reporters (1.0.8)
      ansi
      builder
      minitest (>= 5.0)
      ruby-progressbar
    minitest-stub_any_instance (1.0.0)
    rake (10.4.2)
    ruby-progressbar (1.7.1)
    shoulda-context (1.2.1)
    thread_safe (0.3.5)
    thread_safe (0.3.5-java)
    tzinfo (1.2.2)
      thread_safe (~> 0.1)

PLATFORMS
  java
  ruby

DEPENDENCIES
  melissa!
  minitest
  minitest-reporters
  minitest-stub_any_instance
  rake
  shoulda-context

BUNDLED WITH
   1.10.6
