PATH
  remote: .
  specs:
    melissa (0.0.9)
      activesupport
      concurrent-ruby
      ffi
      minitest
      sync_attr

GEM
  remote: https://rubygems.org/
  specs:
    activesupport (4.1.15)
      i18n (~> 0.6, >= 0.6.9)
      json (~> 1.7, >= 1.7.7)
      minitest (~> 5.1)
      thread_safe (~> 0.1)
      tzinfo (~> 1.1)
    ansi (1.5.0)
    builder (3.2.2)
    concurrent-ruby (1.0.4)
    concurrent-ruby (1.0.4-java)
    ffi (1.9.14)
    ffi (1.9.14-java)
    i18n (0.7.0)
    json (1.8.3)
    json (1.8.3-java)
    minitest (5.9.0)
    minitest-reporters (1.0.8)
      ansi
      builder
      minitest (>= 5.0)
      ruby-progressbar
    minitest-stub_any_instance (1.0.0)
    rake (10.4.2)
    ruby-progressbar (1.7.1)
    shoulda-context (1.2.1)
    sync_attr (2.0.0)
    thread_safe (0.3.5)
    thread_safe (0.3.5-java)
    tzinfo (1.2.2)
      thread_safe (~> 0.1)

PLATFORMS
  java
  ruby

DEPENDENCIES
  activesupport (~> 4.1.0)
  melissa!
  minitest
  minitest-reporters
  minitest-stub_any_instance
  rake
  shoulda-context

BUNDLED WITH
   1.13.6
